GEM
  remote: https://rubygems.org/
  specs:

PLATFORMS
  arm64-darwin-21
  arm64-darwin-22
  x86_64-darwin-19
  x86_64-darwin-20
  x86_64-darwin-21

DEPENDENCIES

RUBY VERSION
   ruby 3.0.0p0

BUNDLED WITH
   2.3.14
